GEM
  remote: http://rubygems.org/
  specs:
    capistrano (2.5.19)
      highline
      net-scp (>= 1.0.0)
      net-sftp (>= 2.0.0)
      net-ssh (>= 2.0.14)
      net-ssh-gateway (>= 1.0.0)
    capistrano-ext (1.2.1)
      capistrano (>= 1.0.0)
    daemons (1.1.0)
    dictionary (1.0.0)
    diff-lcs (1.1.2)
    haml (3.0.21)
    highline (1.6.1)
    json (1.4.6)
    maruku (0.6.0)
      syntax (>= 1.0.0)
    mime-types (1.16)
    mysql (2.8.1)
    net-scp (1.0.4)
      net-ssh (>= 1.99.1)
    net-sftp (2.0.5)
      net-ssh (>= 2.0.9)
    net-ssh (2.0.23)
    net-ssh-gateway (1.0.1)
      net-ssh (>= 1.99.1)
    rack (1.2.1)
    rack-test (0.5.6)
      rack (>= 1.0)
    railsless-deploy (1.0.2)
    rest-client (1.6.1)
      mime-types (>= 1.16)
    rspec (2.1.0)
      rspec-core (~> 2.1.0)
      rspec-expectations (~> 2.1.0)
      rspec-mocks (~> 2.1.0)
    rspec-core (2.1.0)
    rspec-expectations (2.1.0)
      diff-lcs (~> 1.1.2)
    rspec-mocks (2.1.0)
    ruby-prof (0.9.2)
    sequel (3.16.0)
    shotgun (0.9)
      rack (>= 1.0)
    sinatra (1.0)
      rack (>= 1.0)
    sqlite3-ruby (1.3.1)
    syntax (1.0.0)
    trie (0.0.1)

PLATFORMS
  ruby

DEPENDENCIES
  capistrano
  capistrano-ext
  daemons
  dictionary
  haml
  json
  maruku
  mysql
  rack-test
  railsless-deploy
  rest-client
  rspec
  ruby-prof
  sequel
  shotgun
  sinatra
  sqlite3-ruby
  trie
