GEM
  remote: http://rubygems.org/
  specs:
    bcrypt-ruby (2.1.4)
    capistrano (2.6.0)
      highline
      net-scp (>= 1.0.0)
      net-sftp (>= 2.0.0)
      net-ssh (>= 2.0.14)
      net-ssh-gateway (>= 1.1.0)
    capistrano-ext (1.2.1)
      capistrano (>= 1.0.0)
    daemons (1.1.4)
    diff-lcs (1.1.2)
    domain_name (0.5.20190701)
      unf (>= 0.0.5, < 1.0.0)
    haml (5.0.0)
      temple (>= 0.8.0)
      tilt
    highline (1.6.2)
    http-cookie (1.0.3)
      domain_name (~> 0.5)
    iconv (1.0.4)
    json (2.3.0)
    kgio (2.6.0)
    maruku (0.7.2)
    mime-types (2.99.3)
    mustermann (1.1.1)
      ruby2_keywords (~> 0.0.1)
    mysql (2.8.1)
    net-scp (1.0.4)
      net-ssh (>= 1.99.1)
    net-sftp (2.0.5)
      net-ssh (>= 2.0.9)
    net-ssh (2.1.4)
    net-ssh-gateway (1.1.0)
      net-ssh (>= 1.99.1)
    netrc (0.11.0)
    rack (2.2.3)
    rack-protection (2.2.0)
      rack
    rack-test (0.6.1)
      rack (>= 1.0)
    railsless-deploy (1.0.2)
    raindrops (0.7.0)
    rest-client (1.8.0)
      http-cookie (>= 1.0.2, < 2.0)
      mime-types (>= 1.16, < 3.0)
      netrc (~> 0.7)
    rspec (2.6.0)
      rspec-core (~> 2.6.0)
      rspec-expectations (~> 2.6.0)
      rspec-mocks (~> 2.6.0)
    rspec-core (2.6.4)
    rspec-expectations (2.6.0)
      diff-lcs (~> 1.1.2)
    rspec-mocks (2.6.0)
    ruby-prof (0.15.8)
    ruby2_keywords (0.0.5)
    sass (3.4.19)
    sequel (3.25.0)
    shotgun (0.9)
      rack (>= 1.0)
    sinatra (2.2.0)
      mustermann (~> 1.0)
      rack (~> 2.2)
      rack-protection (= 2.2.0)
      tilt (~> 2.0)
    sqlite3 (1.3.4)
    sqlite3-ruby (1.3.3)
      sqlite3 (>= 1.3.3)
    temple (0.8.2)
    tilt (2.0.10)
    unf (0.1.4)
      unf_ext
    unf_ext (0.0.7.6)
    unicorn (4.0.1)
      kgio (~> 2.4)
      rack
      raindrops (~> 0.6)

PLATFORMS
  ruby

DEPENDENCIES
  bcrypt-ruby
  capistrano
  capistrano-ext
  daemons
  haml
  iconv
  json
  maruku
  mysql
  rack-test
  railsless-deploy
  rest-client
  rspec
  ruby-prof
  sass
  sequel
  shotgun
  sinatra
  sqlite3-ruby
  unicorn

BUNDLED WITH
   1.10.6
